GEM
  remote: http://rubygems.org/
  specs:
    haml (3.1.7)
    json (1.7.3)
    rack (1.3.5)
    rack-protection (1.1.4)
      rack
    sass (3.2.1)
    sinatra (1.3.1)
      rack (~> 1.3, >= 1.3.4)
      rack-protection (~> 1.1, >= 1.1.2)
      tilt (~> 1.3, >= 1.3.3)
    tilt (1.3.3)

PLATFORMS
  ruby

DEPENDENCIES
  haml
  json
  sass
  sinatra
